{
    "Manufacturer": "Philips",
    "PatientPosition": "HFS",
    "SeriesDescription": "ImageMRSERIES",
    "ProtocolName": "WIPT1anat_acq-6m_T1wSENSE",
    "SeriesNumber": 2,
    "AcquisitionNumber": 2,
    "ImageComments": "PIOP2",
    "PhilipsRescaleSlope": 8.77778,
    "PhilipsRescaleIntercept": 0,
    "PhilipsScaleSlope": 0.00707138,
    "UsePhilipsFloatNotDisplayScaling": 1,
    "EchoTime": 0.00377,
    "RepetitionTime": 0.00821,
    "ReconMatrixPE": 240,
    "ImageOrientationPatientDICOM": [
        0.998892,
        0.0408034,
        -0.0234442,
        -0.0425646,
        0.99586,
        -0.0803174
    ],
    "ConversionSoftware": "dcm2niix",
    "ConversionSoftwareVersion": "v1.0.20181125  GCC6.3.0",
    "BidsifyVersion": "0.3.5"
}