{
    "Manufacturer": "Philips",
    "PatientPosition": "HFS",
    "SeriesDescription": "ImageMRSERIES",
    "ProtocolName": "WIPT1anat_acq-6m_T1wSENSE",
    "SeriesNumber": 2,
    "AcquisitionNumber": 2,
    "ImageComments": "PIOP2",
    "PhilipsRescaleSlope": 8.39365,
    "PhilipsRescaleIntercept": 0,
    "PhilipsScaleSlope": 0.00724095,
    "UsePhilipsFloatNotDisplayScaling": 1,
    "EchoTime": 0.00375,
    "RepetitionTime": 0.008191,
    "ReconMatrixPE": 240,
    "ImageOrientationPatientDICOM": [
        0.999785,
        0.00469318,
        0.0202132,
        -0.00645642,
        0.996093,
        0.0880702
    ],
    "ConversionSoftware": "dcm2niix",
    "ConversionSoftwareVersion": "v1.0.20181125  GCC6.3.0",
    "BidsifyVersion": "0.3.5"
}